GEM
  remote: https://rubygems.org/
  specs:
    adsf (1.2.0)
      rack (>= 1.0.0)
    chunky_png (1.3.1)
    colored (1.2)
    compass (0.12.6)
      chunky_png (~> 1.2)
      fssm (>= 0.2.7)
      sass (~> 3.2.19)
    cri (2.6.1)
      colored (~> 1.2)
    fssm (0.2.10)
    kramdown (1.4.0)
    nanoc (3.7.1)
      cri (~> 2.3)
    rack (1.5.2)
    sass (3.2.19)

PLATFORMS
  ruby

DEPENDENCIES
  adsf
  compass
  kramdown
  nanoc
